GEM
  remote: http://rubygems.org/
  specs:
    json (1.8.1)
    rake (10.3.2)
    rscons (1.6.0)
      json (~> 1.0)

PLATFORMS
  ruby

DEPENDENCIES
  rake
  rscons
